GEM
  remote: https://rubygems.org/
  specs:
    diff-lcs (1.2.4)
    grit (2.5.0)
      diff-lcs (~> 1.1)
      mime-types (~> 1.15)
      posix-spawn (~> 0.3.6)
    mime-types (1.23)
    posix-spawn (0.3.6)
    trollop (2.0)

PLATFORMS
  x86-mingw32

DEPENDENCIES
  grit (~> 2.5.0)
  trollop (~> 2.0)
