GEM
  remote: https://rubygems.org/
  specs:
    trollop (2.0)

PLATFORMS
  x86-mingw32

DEPENDENCIES
  trollop (~> 2.0)
